GEM
  remote: https://rubygems.org/
  specs:
    byebug (9.0.6)
    domain_name (0.5.20161129)
      unf (>= 0.0.5, < 1.0.0)
    haml (4.0.5)
      tilt
    http-cookie (1.0.3)
      domain_name (~> 0.5)
    json (2.0.2)
    mime-types (3.1)
      mime-types-data (~> 3.2015)
    mime-types-data (3.2016.0521)
    mini_portile2 (2.1.0)
    netrc (0.11.0)
    nokogiri (1.6.8.1)
      mini_portile2 (~> 2.1.0)
    rack (1.6.13)
    rack-protection (1.5.3)
      rack
    recursive-open-struct (0.5.0)
    rest-client (2.0.0)
      http-cookie (>= 1.0.2, < 2.0)
      mime-types (>= 1.16, < 4.0)
      netrc (~> 0.8)
    ruby-jmeter (3.0.13)
      nokogiri
      rest-client
    sinatra (1.4.7)
      rack (~> 1.5)
      rack-protection (~> 1.4)
      tilt (>= 1.3, < 3)
    tilt (2.0.5)
    unf (0.1.4)
      unf_ext
    unf_ext (0.0.7.2)

PLATFORMS
  ruby

DEPENDENCIES
  byebug
  haml
  json
  recursive-open-struct
  ruby-jmeter
  sinatra

BUNDLED WITH
   1.13.6
